GEM
  remote: https://rubygems.org/
  specs:
    bittrex (0.0.1)
      faraday (~> 0.9.0)
    faraday (0.9.2)
      multipart-post (>= 1.2, < 3)
    json (2.1.0)
    multipart-post (2.0.0)

PLATFORMS
  ruby

DEPENDENCIES
  bittrex
  json

RUBY VERSION
   ruby 2.4.0p0

BUNDLED WITH
   1.15.4
